PATH
  remote: .
  specs:
    printaura (0.0.9)
      rest-client

GEM
  remote: https://rubygems.org/
  specs:
    mime-types (2.4.3)
    netrc (0.8.0)
    rake (10.4.2)
    rest-client (1.7.2)
      mime-types (>= 1.16, < 3.0)
      netrc (~> 0.7)

PLATFORMS
  ruby

DEPENDENCIES
  bundler (~> 1.7)
  printaura!
  rake (~> 10.0)
